GEM
  remote: https://rubygems.org/
  specs:
    colorize (0.7.7)
    sass (3.4.22)
    sass-globbing (1.1.5)
      sass (>= 3.1)

PLATFORMS
  ruby

DEPENDENCIES
  colorize
  sass-globbing

BUNDLED WITH
   1.12.1
